RESTRICTION: == net461
NUGET
  remote: https://api.nuget.org/v3/index.json
    Dotnet.ProjInfo (0.33)
      FSharp.Core (>= 4.5.2)
      System.ValueTuple (>= 4.4)
    FParsec (1.0.3)
      FSharp.Core (>= 4.0.0.1)
    FSharp.Compiler.Service (28.0)
      FSharp.Core (>= 4.6.2)
      System.Collections.Immutable (>= 1.5)
      System.Reflection.Metadata (>= 1.6)
      System.ValueTuple (>= 4.4)
    FSharp.Core (4.6.2)
    FSharp.Json (0.3.7)
    FSharp.ViewModule.Core (1.0.7)
      FSharp.Core
    FSharpLint.Core (0.11.1)
      Dotnet.ProjInfo (>= 0.31)
      FParsec (>= 1.0.3)
      FSharp.Compiler.Service (>= 28.0)
      FSharp.Core (>= 4.6.2)
      FSharp.Json (>= 0.3.5)
    System.Collections.Immutable (1.5)
    System.Reflection.Metadata (1.6)
      System.Collections.Immutable (>= 1.5)
    System.ValueTuple (4.5)

GROUP vssdk
RESTRICTION: >= net45
NUGET
  remote: http://www.nuget.org/api/v2
    Microsoft.VisualStudio.CoreUtility (16.0.467) - restriction: >= net472
      Microsoft.VisualStudio.Threading (>= 15.8.192) - restriction: >= net472
    Microsoft.VisualStudio.Editor (16.0.467)
      Microsoft.VisualStudio.CoreUtility (>= 16.0.467) - restriction: >= net472
      Microsoft.VisualStudio.Language (>= 16.0.467) - restriction: >= net472
      Microsoft.VisualStudio.Shell.Interop.11.0 (>= 11.0.61031) - restriction: >= net472
      Microsoft.VisualStudio.Text.Data (>= 16.0.467) - restriction: >= net472
      Microsoft.VisualStudio.Text.Logic (>= 16.0.467) - restriction: >= net472
      Microsoft.VisualStudio.Text.UI (>= 16.0.467) - restriction: >= net472
      Microsoft.VisualStudio.Text.UI.Wpf (>= 16.0.467) - restriction: >= net472
      Microsoft.VisualStudio.TextManager.Interop (>= 7.10.6071) - restriction: >= net472
      Microsoft.VisualStudio.TextManager.Interop.8.0 (>= 8.0.50728) - restriction: >= net472
      Microsoft.VisualStudio.Threading (>= 15.8.192) - restriction: >= net472
    Microsoft.VisualStudio.ImageCatalog (16.0.28727) - restriction: >= net472
    Microsoft.VisualStudio.Imaging.Interop.14.0.DesignTime (14.3.26930) - restriction: >= net472
      Microsoft.VisualStudio.SDK.EmbedInteropTypes (>= 15.0.16)
    Microsoft.VisualStudio.Language (16.0.467) - restriction: >= net472
      Microsoft.VisualStudio.CoreUtility (>= 16.0.467) - restriction: >= net472
      Microsoft.VisualStudio.Text.Data (>= 16.0.467) - restriction: >= net472
      Microsoft.VisualStudio.Text.Logic (>= 16.0.467) - restriction: >= net472
      Microsoft.VisualStudio.Text.UI (>= 16.0.467) - restriction: >= net472
      Newtonsoft.Json (>= 9.0.1) - restriction: >= net472
      StreamJsonRpc (>= 1.3.23) - restriction: >= net472
      System.Collections.Immutable (>= 1.3.1) - restriction: >= net472
    Microsoft.VisualStudio.Language.Intellisense (16.0.467)
      Microsoft.VisualStudio.CoreUtility (>= 16.0.467) - restriction: >= net472
      Microsoft.VisualStudio.ImageCatalog (>= 16.0.27828) - restriction: >= net472
      Microsoft.VisualStudio.Imaging.Interop.14.0.DesignTime (>= 14.3.26930) - restriction: >= net472
      Microsoft.VisualStudio.Language (>= 16.0.467) - restriction: >= net472
      Microsoft.VisualStudio.Text.Data (>= 16.0.467) - restriction: >= net472
      Microsoft.VisualStudio.Text.Logic (>= 16.0.467) - restriction: >= net472
      Microsoft.VisualStudio.Text.UI (>= 16.0.467) - restriction: >= net472
    Microsoft.VisualStudio.Language.StandardClassification (16.0.467)
      Microsoft.VisualStudio.Text.Logic (>= 16.0.467) - restriction: >= net472
    Microsoft.VisualStudio.OLE.Interop (7.10.6071) - restriction: >= net472
    Microsoft.VisualStudio.SDK.EmbedInteropTypes (15.0.27) - restriction: >= net472
    Microsoft.VisualStudio.Shell.Interop (7.10.6072) - restriction: >= net472
      Microsoft.VisualStudio.TextManager.Interop (>= 7.10.6071)
    Microsoft.VisualStudio.Shell.Interop.10.0 (10.0.30320) - restriction: >= net472
      Microsoft.VisualStudio.Shell.Interop.8.0 (>= 8.0.50728)
    Microsoft.VisualStudio.Shell.Interop.11.0 (11.0.61031)
      Microsoft.VisualStudio.Shell.Interop.10.0 (>= 10.0.30320)
    Microsoft.VisualStudio.Shell.Interop.12.0 (12.0.30111)
      Microsoft.VisualStudio.Shell.Interop.11.0 (>= 11.0.61031)
    Microsoft.VisualStudio.Shell.Interop.8.0 (8.0.50728) - restriction: >= net472
      Microsoft.VisualStudio.Shell.Interop (>= 7.10.6072)
      Microsoft.VisualStudio.TextManager.Interop.8.0 (>= 8.0.50728)
    Microsoft.VisualStudio.Text.Data (16.0.467) - restriction: >= net472
      Microsoft.VisualStudio.CoreUtility (>= 16.0.467) - restriction: >= net472
      Microsoft.VisualStudio.Threading (>= 15.8.192) - restriction: >= net472
    Microsoft.VisualStudio.Text.Logic (16.0.467) - restriction: >= net472
      Microsoft.VisualStudio.CoreUtility (>= 16.0.467) - restriction: >= net472
      Microsoft.VisualStudio.Text.Data (>= 16.0.467) - restriction: >= net472
      System.Collections.Immutable (>= 1.3.1) - restriction: >= net472
    Microsoft.VisualStudio.Text.UI (16.0.467) - restriction: >= net472
      Microsoft.VisualStudio.CoreUtility (>= 16.0.467) - restriction: >= net472
      Microsoft.VisualStudio.Text.Data (>= 16.0.467) - restriction: >= net472
      Microsoft.VisualStudio.Text.Logic (>= 16.0.467) - restriction: >= net472
    Microsoft.VisualStudio.Text.UI.Wpf (16.0.467)
      Microsoft.VisualStudio.CoreUtility (>= 16.0.467) - restriction: >= net472
      Microsoft.VisualStudio.Imaging.Interop.14.0.DesignTime (>= 14.3.26930) - restriction: >= net472
      Microsoft.VisualStudio.Text.Data (>= 16.0.467) - restriction: >= net472
      Microsoft.VisualStudio.Text.Logic (>= 16.0.467) - restriction: >= net472
      Microsoft.VisualStudio.Text.UI (>= 16.0.467) - restriction: >= net472
    Microsoft.VisualStudio.TextManager.Interop (7.10.6071) - restriction: >= net472
      Microsoft.VisualStudio.OLE.Interop (>= 7.10.6071)
    Microsoft.VisualStudio.TextManager.Interop.8.0 (8.0.50728) - restriction: >= net472
      Microsoft.VisualStudio.Shell.Interop (>= 7.10.6072)
    Microsoft.VisualStudio.Threading (16.0.102)
      Microsoft.VisualStudio.Validation (>= 15.3.15)
      System.Threading.Tasks.Extensions (>= 4.3)
    Microsoft.VisualStudio.Validation (15.3.58)
    Nerdbank.Streams (2.1.37) - restriction: >= net472
      Microsoft.VisualStudio.Threading (>= 15.8.192) - restriction: || (&& (>= net45) (>= netstandard1.6)) (>= net46)
      System.Buffers (>= 4.5) - restriction: || (&& (>= net45) (>= netstandard1.6)) (>= net46)
      System.IO.Pipelines (>= 4.5.3) - restriction: || (&& (>= net45) (>= netstandard1.6)) (>= net46)
      System.Net.WebSockets (>= 4.3) - restriction: || (&& (>= net45) (>= netstandard1.6)) (>= net46)
      System.ValueTuple (>= 4.5) - restriction: || (&& (>= net45) (>= netstandard1.6)) (>= net46)
    Newtonsoft.Json (12.0.2) - restriction: >= net472
    StreamJsonRpc (2.0.180) - restriction: >= net472
      Microsoft.VisualStudio.Threading (>= 15.8.209) - restriction: || (&& (>= net45) (>= netstandard1.6)) (>= net46)
      Nerdbank.Streams (>= 2.1.37) - restriction: || (&& (>= net45) (>= netstandard1.6)) (>= net46)
      Newtonsoft.Json (>= 9.0.1) - restriction: || (&& (>= net45) (>= netstandard1.6)) (>= net46)
      System.IO.Pipelines (>= 4.5.3) - restriction: || (&& (>= net45) (>= netstandard1.6)) (>= net46)
      System.Memory (>= 4.5.2) - restriction: || (&& (>= net45) (>= netstandard1.6)) (>= net46)
      System.Net.Http (>= 4.3.3) - restriction: || (&& (>= net45) (>= netstandard1.6)) (>= net46)
      System.Net.WebSockets (>= 4.3) - restriction: || (&& (>= net45) (>= netstandard1.6)) (>= net46)
      System.Reflection.Emit (>= 4.3) - restriction: || (&& (>= net45) (>= netstandard1.6)) (>= net46)
      System.Threading.Tasks.Extensions (>= 4.5.2) - restriction: || (&& (>= net45) (>= netstandard1.6)) (>= net46)
    System.Buffers (4.5) - restriction: >= net472
    System.Collections.Immutable (1.5) - restriction: >= net472
    System.IO (4.3) - restriction: >= net472
    System.IO.Pipelines (4.5.3) - restriction: >= net472
      System.Buffers (>= 4.4) - restriction: || (&& (>= monoandroid) (>= net45) (< netstandard2.0)) (&& (>= monotouch) (>= net45)) (&& (>= net45) (>= netstandard1.3) (< netstandard2.0)) (&& (>= net45) (>= netstandard2.0)) (&& (>= net45) (>= xamarinios)) (&& (>= net45) (>= xamarinmac)) (&& (>= net45) (>= xamarintvos)) (&& (>= net45) (>= xamarinwatchos)) (>= net46)
      System.Memory (>= 4.5.1) - restriction: || (&& (>= monoandroid) (>= net45) (< netstandard2.0)) (&& (>= monotouch) (>= net45)) (&& (>= net45) (>= netcoreapp2.0)) (&& (>= net45) (>= netstandard1.3) (< netstandard2.0)) (&& (>= net45) (>= netstandard2.0)) (&& (>= net45) (>= uap10.1)) (&& (>= net45) (>= xamarinios)) (&& (>= net45) (>= xamarinmac)) (&& (>= net45) (>= xamarintvos)) (&& (>= net45) (>= xamarinwatchos)) (>= net46)
      System.Threading.Tasks.Extensions (>= 4.5.1) - restriction: || (&& (>= net45) (>= netcoreapp2.0)) (&& (>= net45) (>= netstandard1.3) (< netstandard2.0)) (&& (>= net45) (>= netstandard2.0)) (&& (>= net45) (>= uap10.1)) (>= net46)
    System.Memory (4.5.2) - restriction: >= net472
      System.Buffers (>= 4.4)
      System.Numerics.Vectors (>= 4.4) - restriction: >= net461
      System.Runtime.CompilerServices.Unsafe (>= 4.5.2)
    System.Net.Http (4.3.4) - restriction: >= net472
      System.Security.Cryptography.X509Certificates (>= 4.3) - restriction: || (&& (>= net45) (< portable-net45+win8+wpa81)) (>= net46)
    System.Net.WebSockets (4.3) - restriction: >= net472
    System.Numerics.Vectors (4.5) - restriction: >= net472
    System.Reflection.Emit (4.3) - restriction: >= net472
    System.Runtime (4.3.1) - restriction: >= net472
    System.Runtime.CompilerServices.Unsafe (4.5.2)
    System.Security.Cryptography.Algorithms (4.3.1) - restriction: >= net472
      System.IO (>= 4.3) - restriction: || (&& (>= net45) (< net46) (>= netstandard1.3) (< netstandard1.4)) (&& (>= net45) (< net46) (>= netstandard1.4) (< netstandard1.6)) (&& (>= net45) (< net46) (>= netstandard1.6)) (&& (>= net45) (< netstandard1.3)) (>= net463)
      System.Runtime (>= 4.3) - restriction: || (&& (>= net45) (< net46) (>= netstandard1.3) (< netstandard1.4)) (&& (>= net45) (< net46) (>= netstandard1.4) (< netstandard1.6)) (&& (>= net45) (< net46) (>= netstandard1.6)) (&& (>= net45) (< netstandard1.3)) (>= net463)
      System.Security.Cryptography.Encoding (>= 4.3) - restriction: || (&& (>= net45) (< net46) (>= netstandard1.6)) (&& (>= net45) (< netstandard1.3)) (>= net463)
      System.Security.Cryptography.Primitives (>= 4.3)
    System.Security.Cryptography.Encoding (4.3) - restriction: >= net472
    System.Security.Cryptography.Primitives (4.3) - restriction: >= net472
    System.Security.Cryptography.X509Certificates (4.3.2) - restriction: >= net472
      System.Security.Cryptography.Algorithms (>= 4.3)
      System.Security.Cryptography.Encoding (>= 4.3)
    System.Threading.Tasks.Extensions (4.5.2)
      System.Runtime.CompilerServices.Unsafe (>= 4.5.2)
    System.ValueTuple (4.5) - restriction: >= net472
    VSSDK.DTE (7.0.4)
      VSSDK.IDE (>= 7.0.4 < 8.0)
    VSSDK.GraphModel (12.0.4)
      VSSDK.IDE.12 (>= 12.0.4 < 13.0)
    VSSDK.IDE (7.0.4)
    VSSDK.IDE.10 (10.0.4)
    VSSDK.IDE.11 (11.0.4)
    VSSDK.IDE.12 (12.0.4)
    VSSDK.IDE.14 (14.0.4-preview)
    VSSDK.IDE.8 (8.0.4)
    VSSDK.IDE.9 (9.0.4)
    VSSDK.IDE.Deploy.14 (14.0.4-preview)
      VSSDK.IDE.14 (>= 14.0.4-preview < 15.0)
    VSSDK.OLE.Interop (7.0.4)
      VSSDK.IDE (>= 7.0.4 < 8.0)
    VSSDK.Shell.12 (12.0.4)
      VSSDK.DTE (>= 7.0.4 < 8.0)
      VSSDK.IDE.12 (>= 12.0.4 < 13.0)
      VSSDK.OLE.Interop (>= 7.0.4 < 8.0)
      VSSDK.Shell.Immutable.10 (>= 10.0.4 < 11.0)
      VSSDK.Shell.Immutable.11 (>= 11.0.4 < 12.0)
      VSSDK.Shell.Immutable.12 (>= 12.0.4 < 13.0)
      VSSDK.Shell.Interop (>= 7.0.4 < 8.0)
      VSSDK.Shell.Interop.8 (>= 8.0.4 < 9.0)
      VSSDK.Shell.Interop.9 (>= 9.0.4 < 10.0)
      VSSDK.TextManager.Interop (>= 7.0.4 < 8.0)
      VSSDK.Threading.12 (>= 12.0.4 < 13.0)
    VSSDK.Shell.Immutable.10 (10.0.4)
      VSSDK.IDE.10 (>= 10.0.4 < 11.0)
    VSSDK.Shell.Immutable.11 (11.0.4)
      VSSDK.GraphModel (>= 11.0.4)
      VSSDK.IDE.11 (>= 11.0.4 < 12.0)
      VSSDK.OLE.Interop (>= 7.0.4 < 8.0)
      VSSDK.Shell.Interop (>= 7.0.4 < 8.0)
    VSSDK.Shell.Immutable.12 (12.0.4)
      VSSDK.IDE.12 (>= 12.0.4 < 13.0)
    VSSDK.Shell.Interop (7.0.4)
      VSSDK.IDE (>= 7.0.4 < 8.0)
      VSSDK.OLE.Interop (>= 7.0.4 < 8.0)
      VSSDK.TextManager.Interop (>= 7.0.4 < 8.0)
    VSSDK.Shell.Interop.8 (8.0.4)
      VSSDK.IDE.8 (>= 8.0.4 < 9.0)
      VSSDK.OLE.Interop (>= 7.0.4 < 8.0)
      VSSDK.Shell.Interop (>= 7.0.4 < 8.0)
      VSSDK.TextManager.Interop (>= 7.0.4 < 8.0)
      VSSDK.TextManager.Interop.8 (>= 8.0.4 < 9.0)
    VSSDK.Shell.Interop.9 (9.0.4)
      VSSDK.IDE.9 (>= 9.0.4 < 10.0)
      VSSDK.OLE.Interop (>= 7.0.4 < 8.0)
      VSSDK.Shell.Interop.8 (>= 8.0.4 < 9.0)
      VSSDK.TextManager.Interop (>= 7.0.4 < 8.0)
    VSSDK.TextManager.Interop (7.0.4)
      VSSDK.IDE (>= 7.0.4 < 8.0)
      VSSDK.OLE.Interop (>= 7.0.4 < 8.0)
    VSSDK.TextManager.Interop.8 (8.0.4)
      VSSDK.IDE.8 (>= 8.0.4 < 9.0)
      VSSDK.OLE.Interop (>= 7.0.4 < 8.0)
      VSSDK.Shell.Interop (>= 7.0.4 < 8.0)
      VSSDK.TextManager.Interop (>= 7.0.4 < 8.0)
    VSSDK.Threading (12.0.4)
      VSSDK.IDE.12 (>= 12.0.4 < 13.0)
    VSSDK.Threading.12 (12.0.4)
      VSSDK.IDE.12 (>= 12.0.4 < 13.0)
      VSSDK.Threading (>= 12.0.4 < 13.0)

GROUP vssdklegacy
RESTRICTION: >= net40
NUGET
  remote: http://www.nuget.org/api/v2
    Microsoft.VisualStudio.CoreUtility (16.0.467)
      Microsoft.VisualStudio.Threading (>= 15.8.192) - restriction: >= net472
    Microsoft.VisualStudio.OLE.Interop (7.10.6071)
    Microsoft.VisualStudio.Shell.Framework (16.0.28729)
      Microsoft.VisualStudio.CoreUtility (>= 15.6.27740)
      Microsoft.VisualStudio.OLE.Interop (>= 7.10.6071)
      Microsoft.VisualStudio.Utilities (>= 16.0.28729)
    Microsoft.VisualStudio.Shell.Immutable.10.0 (15.0.25415)
      Microsoft.VisualStudio.Shell.Framework (>= 15.0.25415)
    Microsoft.VisualStudio.Shell.Interop (7.10.6072)
      Microsoft.VisualStudio.TextManager.Interop (>= 7.10.6071)
    Microsoft.VisualStudio.Shell.Interop.8.0 (8.0.50728)
      Microsoft.VisualStudio.Shell.Interop (>= 7.10.6072)
      Microsoft.VisualStudio.TextManager.Interop.8.0 (>= 8.0.50728)
    Microsoft.VisualStudio.TextManager.Interop (7.10.6071)
      Microsoft.VisualStudio.OLE.Interop (>= 7.10.6071)
    Microsoft.VisualStudio.TextManager.Interop.8.0 (8.0.50728)
      Microsoft.VisualStudio.Shell.Interop (>= 7.10.6072)
    Microsoft.VisualStudio.Threading (16.0.102)
      Microsoft.VisualStudio.Validation (>= 15.3.15) - restriction: || (&& (>= net40) (< net45) (>= netstandard1.3) (< netstandard2.0)) (&& (>= net40) (< net45) (>= netstandard2.0)) (&& (>= net45) (< netstandard1.3)) (>= net46)
      System.Threading.Tasks.Extensions (>= 4.3) - restriction: || (&& (>= net40) (< net45) (>= netstandard1.3) (< netstandard2.0)) (&& (>= net40) (< net45) (>= netstandard2.0)) (&& (>= net45) (< netstandard1.3)) (>= net46)
    Microsoft.VisualStudio.Utilities (16.0.28729)
      Microsoft.VisualStudio.Threading (>= 16.0.102)
      StreamJsonRpc (>= 1.5.43)
    Microsoft.VisualStudio.Validation (15.3.58) - restriction: || (&& (>= net40) (< net45) (>= netstandard1.3) (< netstandard2.0)) (&& (>= net40) (< net45) (>= netstandard2.0)) (&& (>= net45) (< netstandard1.3)) (>= net46)
    Nerdbank.Streams (2.1.37) - restriction: || (&& (>= net40) (>= netstandard1.6)) (>= net46)
      Microsoft.VisualStudio.Threading (>= 15.8.192) - restriction: || (&& (>= net40) (>= netstandard1.6)) (>= net46)
      System.Buffers (>= 4.5) - restriction: || (&& (>= net40) (>= netstandard1.6)) (>= net46)
      System.IO.Pipelines (>= 4.5.3) - restriction: || (&& (>= net40) (>= netstandard1.6)) (>= net46)
      System.Net.WebSockets (>= 4.3) - restriction: || (&& (>= net40) (>= netstandard1.6)) (>= net46)
      System.ValueTuple (>= 4.5) - restriction: || (&& (>= net40) (>= netstandard1.6)) (>= net46)
    Newtonsoft.Json (12.0.2) - restriction: || (&& (>= net40) (>= netstandard1.6)) (>= net46)
    StreamJsonRpc (2.0.180)
      Microsoft.VisualStudio.Threading (>= 15.8.209) - restriction: || (&& (>= net40) (>= netstandard1.6)) (>= net46)
      Nerdbank.Streams (>= 2.1.37) - restriction: || (&& (>= net40) (>= netstandard1.6)) (>= net46)
      Newtonsoft.Json (>= 9.0.1) - restriction: || (&& (>= net40) (>= netstandard1.6)) (>= net46)
      System.IO.Pipelines (>= 4.5.3) - restriction: || (&& (>= net40) (>= netstandard1.6)) (>= net46)
      System.Memory (>= 4.5.2) - restriction: || (&& (>= net40) (>= netstandard1.6)) (>= net46)
      System.Net.Http (>= 4.3.3) - restriction: || (&& (>= net40) (>= netstandard1.6)) (>= net46)
      System.Net.WebSockets (>= 4.3) - restriction: || (&& (>= net40) (>= netstandard1.6)) (>= net46)
      System.Reflection.Emit (>= 4.3) - restriction: || (&& (>= net40) (>= netstandard1.6)) (>= net46)
      System.Threading.Tasks.Extensions (>= 4.5.2) - restriction: || (&& (>= net40) (>= netstandard1.6)) (>= net46)
    System.Buffers (4.5) - restriction: || (&& (>= net40) (>= netstandard1.6)) (>= net46)
    System.IO (4.3) - restriction: || (&& (>= net40) (< net45) (>= netstandard1.6)) (&& (>= net40) (>= netstandard1.6) (< portable-net45+win8+wpa81)) (&& (>= net46) (< netstandard1.3)) (&& (>= net46) (>= netstandard1.6) (< portable-net45+win8+wpa81)) (&& (< net46) (>= net461) (< netstandard1.4)) (&& (< net46) (>= net461) (>= netstandard1.6)) (&& (< net46) (>= net461) (< netstandard1.6)) (&& (>= net461) (< netstandard1.3)) (>= net463)
    System.IO.Pipelines (4.5.3) - restriction: || (&& (>= net40) (>= netstandard1.6)) (>= net46)
      System.Buffers (>= 4.4) - restriction: || (&& (>= monoandroid) (>= net40) (< netstandard2.0)) (&& (>= monotouch) (>= net40)) (&& (>= net40) (>= netstandard1.3) (< netstandard2.0)) (&& (>= net40) (>= netstandard2.0)) (&& (>= net40) (>= xamarinios)) (&& (>= net40) (>= xamarinmac)) (&& (>= net40) (>= xamarintvos)) (&& (>= net40) (>= xamarinwatchos)) (>= net46)
      System.Memory (>= 4.5.1) - restriction: || (&& (>= monoandroid) (>= net40) (< netstandard2.0)) (&& (>= monotouch) (>= net40)) (&& (>= net40) (>= netcoreapp2.0)) (&& (>= net40) (>= netstandard1.3) (< netstandard2.0)) (&& (>= net40) (>= netstandard2.0)) (&& (>= net40) (>= uap10.1)) (&& (>= net40) (>= xamarinios)) (&& (>= net40) (>= xamarinmac)) (&& (>= net40) (>= xamarintvos)) (&& (>= net40) (>= xamarinwatchos)) (>= net46)
      System.Threading.Tasks.Extensions (>= 4.5.1) - restriction: || (&& (>= net40) (>= netcoreapp2.0)) (&& (>= net40) (>= netstandard1.3) (< netstandard2.0)) (&& (>= net40) (>= netstandard2.0)) (&& (>= net40) (>= uap10.1)) (>= net46)
    System.Memory (4.5.2) - restriction: || (&& (>= net40) (>= netstandard1.6)) (>= net46)
      System.Buffers (>= 4.4) - restriction: || (&& (>= monoandroid) (>= net40) (< netstandard2.0)) (&& (>= monotouch) (>= net40)) (&& (>= net40) (< net45) (>= netstandard1.1) (< netstandard2.0)) (&& (>= net40) (< net45) (>= netstandard2.0)) (&& (>= net40) (< netstandard1.1) (>= portable-net45+win8+wpa81)) (&& (>= net40) (< netstandard1.1) (>= win8)) (&& (>= net40) (< netstandard2.0) (>= wpa81)) (&& (>= net40) (>= xamarinios)) (&& (>= net40) (>= xamarinmac)) (&& (>= net40) (>= xamarintvos)) (&& (>= net40) (>= xamarinwatchos)) (&& (>= net45) (< netstandard2.0)) (>= net461)
      System.Numerics.Vectors (>= 4.4) - restriction: || (&& (>= net40) (< net45) (>= netstandard2.0)) (>= net461)
      System.Runtime.CompilerServices.Unsafe (>= 4.5.2) - restriction: || (&& (>= monoandroid) (>= net40) (< netstandard2.0)) (&& (>= monotouch) (>= net40)) (&& (>= net40) (< net45) (>= netstandard1.1) (< netstandard2.0)) (&& (>= net40) (< net45) (>= netstandard2.0)) (&& (>= net40) (>= netcoreapp2.0)) (&& (>= net40) (< netstandard1.1) (>= portable-net45+win8+wpa81)) (&& (>= net40) (< netstandard1.1) (>= win8)) (&& (>= net40) (< netstandard2.0) (>= wpa81)) (&& (>= net40) (>= uap10.1)) (&& (>= net40) (>= xamarinios)) (&& (>= net40) (>= xamarinmac)) (&& (>= net40) (>= xamarintvos)) (&& (>= net40) (>= xamarinwatchos)) (&& (>= net45) (< netstandard2.0)) (>= net461)
    System.Net.Http (4.3.4) - restriction: || (&& (>= net40) (>= netstandard1.6)) (>= net46)
      System.Security.Cryptography.X509Certificates (>= 4.3) - restriction: || (&& (>= net40) (< net45) (>= netstandard1.3) (< netstandard1.6)) (&& (>= net40) (< net45) (>= netstandard1.6)) (&& (>= net40) (< portable-net45+win8+wpa81)) (>= net46)
    System.Net.WebSockets (4.3) - restriction: || (&& (>= net40) (>= netstandard1.6)) (>= net46)
    System.Numerics.Vectors (4.5) - restriction: || (&& (>= net40) (< net45) (>= netstandard2.0)) (&& (< net45) (>= net46) (>= netstandard2.0)) (>= net461)
    System.Reflection.Emit (4.3) - restriction: || (&& (>= net40) (>= netstandard1.6)) (>= net46)
    System.Runtime (4.3.1) - restriction: || (&& (>= net40) (< net45) (>= netstandard1.6)) (&& (>= net40) (>= netstandard1.6) (< portable-net45+win8+wpa81)) (&& (>= net46) (< netstandard1.3)) (&& (>= net46) (>= netstandard1.6) (< portable-net45+win8+wpa81)) (&& (< net46) (>= net461) (< netstandard1.4)) (&& (< net46) (>= net461) (>= netstandard1.6)) (&& (< net46) (>= net461) (< netstandard1.6)) (&& (>= net461) (< netstandard1.3)) (>= net463)
    System.Runtime.CompilerServices.Unsafe (4.5.2) - restriction: || (&& (>= monoandroid) (>= net40) (>= netstandard1.6) (< netstandard2.0)) (&& (>= monotouch) (>= net40)) (&& (>= monotouch) (>= net46)) (&& (>= net40) (< net45) (>= netstandard1.6) (< netstandard2.0)) (&& (>= net40) (< net45) (>= netstandard2.0)) (&& (>= net40) (>= netcoreapp2.0)) (&& (>= net40) (< netstandard1.1) (>= netstandard1.6)) (&& (>= net40) (>= netstandard1.6) (< netstandard2.0) (>= wpa81)) (&& (>= net40) (>= netstandard1.6) (>= uap10.1)) (&& (>= net40) (>= xamarinios)) (&& (>= net40) (>= xamarinmac)) (&& (>= net40) (>= xamarintvos)) (&& (>= net40) (>= xamarinwatchos)) (&& (>= net45) (>= netstandard1.6) (< netstandard2.0)) (&& (< net45) (>= net46) (>= netstandard2.0)) (&& (>= net46) (>= netcoreapp2.0)) (&& (>= net46) (< netstandard1.1)) (&& (>= net46) (< netstandard2.0)) (&& (>= net46) (>= uap10.1)) (&& (>= net46) (>= xamarinios)) (&& (>= net46) (>= xamarinmac)) (&& (>= net46) (>= xamarintvos)) (&& (>= net46) (>= xamarinwatchos)) (>= net461)
    System.Security.Cryptography.Algorithms (4.3.1) - restriction: || (&& (>= net40) (< net45) (>= netstandard1.6)) (&& (>= net40) (>= netstandard1.6) (< portable-net45+win8+wpa81)) (&& (>= net46) (< netstandard1.3)) (&& (>= net46) (< netstandard1.4)) (&& (>= net46) (>= netstandard1.6) (< portable-net45+win8+wpa81)) (>= net461)
      System.IO (>= 4.3) - restriction: || (&& (>= net40) (< net46) (>= netstandard1.3) (< netstandard1.4)) (&& (>= net40) (< net46) (>= netstandard1.4) (< netstandard1.6)) (&& (>= net40) (< net46) (>= netstandard1.6)) (&& (>= net40) (< netstandard1.3)) (>= net463)
      System.Runtime (>= 4.3) - restriction: || (&& (>= net40) (< net46) (>= netstandard1.3) (< netstandard1.4)) (&& (>= net40) (< net46) (>= netstandard1.4) (< netstandard1.6)) (&& (>= net40) (< net46) (>= netstandard1.6)) (&& (>= net40) (< netstandard1.3)) (>= net463)
      System.Security.Cryptography.Encoding (>= 4.3) - restriction: || (&& (>= net40) (< net46) (>= netstandard1.6)) (&& (>= net40) (< netstandard1.3)) (>= net463)
      System.Security.Cryptography.Primitives (>= 4.3)
    System.Security.Cryptography.Encoding (4.3) - restriction: || (&& (>= net40) (< net45) (>= netstandard1.6)) (&& (>= net40) (>= netstandard1.6) (< portable-net45+win8+wpa81)) (&& (>= net46) (< netstandard1.3)) (&& (>= net46) (< netstandard1.4)) (&& (>= net46) (>= netstandard1.6) (< portable-net45+win8+wpa81)) (>= net461)
    System.Security.Cryptography.Primitives (4.3) - restriction: || (&& (>= net40) (< net45) (>= netstandard1.6)) (&& (>= net40) (>= netstandard1.6) (< portable-net45+win8+wpa81)) (&& (>= net46) (< netstandard1.3)) (&& (>= net46) (< netstandard1.4)) (&& (>= net46) (>= netstandard1.6) (< portable-net45+win8+wpa81)) (&& (< net46) (>= net461) (>= netstandard1.6)) (&& (>= net461) (< netstandard1.3)) (&& (>= net461) (< netstandard1.4)) (&& (>= net461) (>= netstandard1.6) (< portable-net45+win8+wpa81)) (&& (>= net461) (< netstandard1.6)) (>= net463)
    System.Security.Cryptography.X509Certificates (4.3.2) - restriction: || (&& (>= net40) (< net45) (>= netstandard1.6)) (&& (>= net40) (>= netstandard1.6) (< portable-net45+win8+wpa81)) (>= net46)
      System.Security.Cryptography.Algorithms (>= 4.3)
      System.Security.Cryptography.Encoding (>= 4.3)
    System.Threading.Tasks.Extensions (4.5.2) - restriction: || (&& (>= net40) (< net45) (>= netstandard1.3) (< netstandard2.0)) (&& (>= net40) (< net45) (>= netstandard2.0)) (&& (>= net40) (>= netstandard1.6)) (&& (>= net45) (< netstandard1.3)) (>= net46)
      System.Runtime.CompilerServices.Unsafe (>= 4.5.2) - restriction: || (&& (>= net40) (>= netstandard1.0) (< netstandard2.0)) (&& (>= net40) (< netstandard1.0) (>= portable-net45+win8+wp8+wpa81)) (&& (>= net40) (< netstandard1.0) (>= win8)) (&& (>= net40) (>= netstandard2.0)) (&& (>= net40) (< netstandard2.0) (>= wpa81)) (&& (>= net40) (>= wp8)) (>= net45)
    System.ValueTuple (4.5) - restriction: || (&& (>= net40) (>= netstandard1.6)) (>= net46)
    VSSDK.ComponentModelHost (11.0.4)
      VSSDK.IDE.11 (>= 11.0.4 < 12.0)
    VSSDK.ComponentModelHost.11 (11.0.4)
      VSSDK.ComponentModelHost (>= 11.0.4 < 12.0)
      VSSDK.IDE.11 (>= 11.0.4 < 12.0)
    VSSDK.DTE (7.0.4)
      VSSDK.IDE (>= 7.0.4 < 8.0)
    VSSDK.DTE.10 (10.0.4)
      VSSDK.DTE (>= 7.0.4 < 8.0)
      VSSDK.DTE.8 (>= 8.0.4 < 9.0)
      VSSDK.DTE.9 (>= 9.0.4 < 10.0)
      VSSDK.IDE.10 (>= 10.0.4 < 11.0)
    VSSDK.DTE.8 (8.0.4)
      VSSDK.DTE (>= 7.0.4 < 8.0)
      VSSDK.IDE.8 (>= 8.0.4 < 9.0)
    VSSDK.DTE.9 (9.0.4)
      VSSDK.DTE (>= 7.0.4 < 8.0)
      VSSDK.DTE.8 (>= 8.0.4 < 9.0)
      VSSDK.IDE.9 (>= 9.0.4 < 10.0)
    VSSDK.IDE (7.0.4)
    VSSDK.IDE.10 (10.0.4)
    VSSDK.IDE.11 (11.0.4)
    VSSDK.IDE.12 (12.0.4)
    VSSDK.IDE.8 (8.0.4)
    VSSDK.IDE.9 (9.0.4)
    VSSDK.NavigateTo (12.0.4)
      VSSDK.IDE.12 (>= 12.0.4 < 13.0)
    VSSDK.VSLangProj (7.0.4)
      VSSDK.DTE (>= 7.0.4 < 8.0)
      VSSDK.IDE (>= 7.0.4 < 8.0)
